GEM
  remote: https://rubygems.org/
  specs:
    rack (2.0.1)
    rackstep (0.0.9)

PLATFORMS
  ruby

DEPENDENCIES
  rack
  rackstep

RUBY VERSION
   ruby 2.4.0p0

BUNDLED WITH
   1.14.3
