GEM
  remote: https://rubygems.org/
  specs:
    rack (2.0.6)
    rackstep (0.0.9)

PLATFORMS
  ruby

DEPENDENCIES
  rack
  rackstep

RUBY VERSION
   ruby 2.5.3p105

BUNDLED WITH
   1.17.1
