GEM
  remote: https://rubygems.org/
  specs:
    rack (1.6.4)
    rackstep (0.0.8)

PLATFORMS
  ruby

DEPENDENCIES
  rack
  rackstep

RUBY VERSION
   ruby 2.3.2p217

BUNDLED WITH
   1.13.6
