GEM
  remote: https://rubygems.org/
  specs:
    rack (2.0.3)
    rackstep (0.0.9)

PLATFORMS
  ruby

DEPENDENCIES
  rack
  rackstep

RUBY VERSION
   ruby 2.4.2p198

BUNDLED WITH
   1.16.0
