GEM
  remote: https://rubygems.org/
  specs:
    rack (3.1.12)
    rackstep (0.5.0)
    rackup (2.2.1)
      rack (>= 3)
    webrick (1.9.1)

PLATFORMS
  arm64-darwin-23
  ruby

DEPENDENCIES
  rack
  rackstep
  rackup
  webrick

RUBY VERSION
   ruby 3.4.2p28

BUNDLED WITH
   2.5.10
