GEM
  remote: https://rubygems.org/
  specs:
    rack (2.2.3.1)
    rackstep (0.2.2)

PLATFORMS
  x86_64-darwin-21

DEPENDENCIES
  rack
  rackstep

RUBY VERSION
   ruby 3.1.2p20

BUNDLED WITH
   2.3.7
