GEM
  remote: https://rubygems.org/
  specs:
    rack (2.2.3)
    rackstep (0.1.0)

PLATFORMS
  ruby

DEPENDENCIES
  rack
  rackstep

RUBY VERSION
   ruby 2.7.2p137

BUNDLED WITH
   2.1.4
