GEM
  remote: https://rubygems.org/
  specs:
    rack (2.2.3)
    rackstep (0.2.0)

PLATFORMS
  x86_64-darwin-20

DEPENDENCIES
  rack
  rackstep

RUBY VERSION
   ruby 3.0.1p64

BUNDLED WITH
   2.2.15
